GIT
  remote: git://github.com/chrisk/fakeweb.git
  revision: 1ba4b82cc99d0a7ceb11353c951908cd16107334
  branch: master
  specs:
    fakeweb (1.3.0)

GEM
  remote: https://rubygems.org/
  specs:
    activesupport (5.0.4)
      concurrent-ruby (~> 1.0, >= 1.0.2)
      i18n (~> 0.7)
      minitest (~> 5.1)
      tzinfo (~> 1.1)
    addressable (2.5.1)
      public_suffix (~> 2.0, >= 2.0.2)
    backports (3.8.0)
    capybara (2.14.4)
      addressable
      mime-types (>= 1.16)
      nokogiri (>= 1.3.3)
      rack (>= 1.0.0)
      rack-test (>= 0.5.4)
      xpath (~> 2.0)
    concurrent-ruby (1.0.5)
    daemons (1.2.4)
    declarative (0.0.9)
    declarative-option (0.1.0)
    diff-lcs (1.3)
    domain_name (0.5.20170404)
      unf (>= 0.0.5, < 1.0.0)
    eventmachine (1.2.3)
    faraday (0.12.1)
      multipart-post (>= 1.2, < 3)
    google-api-client (0.13.0)
      addressable (~> 2.5, >= 2.5.1)
      googleauth (~> 0.5)
      httpclient (>= 2.8.1, < 3.0)
      mime-types (~> 3.0)
      representable (~> 3.0)
      retriable (>= 2.0, < 4.0)
    googleauth (0.5.1)
      faraday (~> 0.9)
      jwt (~> 1.4)
      logging (~> 2.0)
      memoist (~> 0.12)
      multi_json (~> 1.11)
      os (~> 0.9)
      signet (~> 0.7)
    http-cookie (1.0.3)
      domain_name (~> 0.5)
    httparty (0.15.5)
      multi_xml (>= 0.5.2)
    httpclient (2.8.3)
    i18n (0.8.4)
    jwt (1.5.6)
    little-plugger (1.1.4)
    logging (2.2.2)
      little-plugger (~> 1.1)
      multi_json (~> 1.10)
    mechanize (2.7.5)
      domain_name (~> 0.5, >= 0.5.1)
      http-cookie (~> 1.0)
      mime-types (>= 1.17.2)
      net-http-digest_auth (~> 1.1, >= 1.1.1)
      net-http-persistent (~> 2.5, >= 2.5.2)
      nokogiri (~> 1.6)
      ntlm-http (~> 0.1, >= 0.1.1)
      webrobots (>= 0.0.9, < 0.2)
    memoist (0.16.0)
    mime-types (3.1)
      mime-types-data (~> 3.2015)
    mime-types-data (3.2016.0521)
    mini_portile2 (2.2.0)
    minitest (5.10.2)
    multi_json (1.12.1)
    multi_xml (0.6.0)
    multipart-post (2.0.0)
    mustermann (1.0.0)
    net-http-digest_auth (1.4.1)
    net-http-persistent (2.9.4)
    nokogiri (1.8.0)
      mini_portile2 (~> 2.2.0)
    ntlm-http (0.1.1)
    os (0.9.6)
    public_suffix (2.0.5)
    rack (2.0.3)
    rack-protection (2.0.0)
      rack
    rack-test (0.6.3)
      rack (>= 1.0)
    representable (3.0.4)
      declarative (< 0.1.0)
      declarative-option (< 0.2.0)
      uber (< 0.2.0)
    retriable (3.0.2)
    rspec (3.6.0)
      rspec-core (~> 3.6.0)
      rspec-expectations (~> 3.6.0)
      rspec-mocks (~> 3.6.0)
    rspec-core (3.6.0)
      rspec-support (~> 3.6.0)
    rspec-expectations (3.6.0)
      diff-lcs (>= 1.2.0, < 2.0)
      rspec-support (~> 3.6.0)
    rspec-mocks (3.6.0)
      diff-lcs (>= 1.2.0, < 2.0)
      rspec-support (~> 3.6.0)
    rspec-support (3.6.0)
    signet (0.7.3)
      addressable (~> 2.3)
      faraday (~> 0.9)
      jwt (~> 1.5)
      multi_json (~> 1.10)
    sinatra (2.0.0)
      mustermann (~> 1.0)
      rack (~> 2.0)
      rack-protection (= 2.0.0)
      tilt (~> 2.0)
    sinatra-contrib (2.0.0)
      backports (>= 2.0)
      multi_json
      mustermann (~> 1.0)
      rack-protection (= 2.0.0)
      sinatra (= 2.0.0)
      tilt (>= 1.3, < 3)
    thin (1.7.1)
      daemons (~> 1.0, >= 1.0.9)
      eventmachine (~> 1.0, >= 1.0.4)
      rack (>= 1, < 3)
    thread_safe (0.3.6)
    tilt (2.0.7)
    tzinfo (1.2.3)
      thread_safe (~> 0.1)
    uber (0.1.0)
    unf (0.1.4)
      unf_ext
    unf_ext (0.0.7.4)
    webrobots (0.1.2)
    xpath (2.1.0)
      nokogiri (~> 1.3)

PLATFORMS
  ruby

DEPENDENCIES
  activesupport (~> 5.0.0)
  capybara
  fakeweb!
  google-api-client
  httparty (~> 0.15.5)
  mechanize (~> 2.7.5)
  rack-test
  rspec (~> 3.6.0)
  sinatra (~> 2.0.0)
  sinatra-contrib
  thin

RUBY VERSION
   ruby 2.4.1p111

BUNDLED WITH
   1.15.1
